GEM
  remote: https://rubygems.org/
  specs:
    activemodel (3.2.16)
      activesupport (= 3.2.16)
      builder (~> 3.0.0)
    activesupport (3.2.16)
      i18n (~> 0.6, >= 0.6.4)
      multi_json (~> 1.0)
    builder (3.0.4)
    faraday (0.8.8)
      multipart-post (~> 1.2.0)
    i18n (0.6.9)
    json (1.8.1)
    multi_json (1.8.2)
    multipart-post (1.2.0)
    mvg-live (1.0.1)
      activemodel (~> 3.2.3)
      faraday (~> 0.8.0)
      json
      nokogiri (~> 1.5.2)
    nokogiri (1.5.11)

PLATFORMS
  ruby

DEPENDENCIES
  mvg-live
